GEM
  remote: http://rubygems.org/
  specs:
    albino (1.3.3)
      posix-spawn (>= 0.3.6)
    daemons (1.1.9)
    eventmachine (0.12.10)
    listen (0.5.0)
    mustache (0.99.4)
    posix-spawn (0.3.6)
    rack (1.4.1)
    rb-fsevent (0.9.1)
    redcarpet (2.1.1)
    rerun (0.7.1)
      listen
    thin (1.4.1)
      daemons (>= 1.0.9)
      eventmachine (>= 0.12.6)
      rack (>= 1.0.0)

PLATFORMS
  ruby

DEPENDENCIES
  albino
  mustache
  rb-fsevent
  redcarpet
  rerun
  thin
