GEM
  remote: http://rubygems.org/
  specs:
    daemons (1.1.9)
    eventmachine (0.12.10)
    github-markdown (0.5.1)
    listen (0.5.0)
    mustache (0.99.4)
    rack (1.4.1)
    rb-fsevent (0.9.1)
    rerun (0.7.1)
      listen
    thin (1.4.1)
      daemons (>= 1.0.9)
      eventmachine (>= 0.12.6)
      rack (>= 1.0.0)

PLATFORMS
  ruby

DEPENDENCIES
  github-markdown
  mustache
  rb-fsevent
  rerun
  thin
