GEM
  specs:
    daemons (1.1.8)
    eventmachine (0.12.10)
    mustache (0.99.4)
    rack (1.4.1)
    thin (1.4.1)
      daemons (>= 1.0.9)
      eventmachine (>= 0.12.6)
      rack (>= 1.0.0)

PLATFORMS
  ruby

DEPENDENCIES
  mustache
  thin
